GEM
  remote: https://rubygems.org/
  specs:
    capistrano (2.15.1)
      highline
      net-scp (>= 1.0.0)
      net-sftp (>= 2.0.0)
      net-ssh (>= 2.0.14)
      net-ssh-gateway (>= 1.1.0)
    capistrano_colors (0.5.5)
    chunky_png (1.2.9)
    compass (0.12.2)
      chunky_png (~> 1.2)
      fssm (>= 0.2.7)
      sass (~> 3.1)
    dotenv (0.9.0)
    foreman (0.63.0)
      dotenv (>= 0.7)
      thor (>= 0.13.6)
    fssm (0.2.10)
    highline (1.6.20)
    net-scp (1.1.2)
      net-ssh (>= 2.6.5)
    net-sftp (2.1.2)
      net-ssh (>= 2.6.5)
    net-ssh (2.7.0)
    net-ssh-gateway (1.2.0)
      net-ssh (>= 2.6.5)
    puma (2.6.0)
      rack (>= 1.1, < 2.0)
    rack (1.5.2)
    rack-contrib (1.1.0)
      rack (>= 0.9.1)
    rack-rewrite (1.4.01)
    rake (10.1.0)
    sass (3.2.7)
    thor (0.18.1)

PLATFORMS
  ruby

DEPENDENCIES
  capistrano (= 2.15.1)
  capistrano_colors (= 0.5.5)
  compass (= 0.12.2)
  foreman
  puma (= 2.6.0)
  rack-contrib (= 1.1.0)
  rack-rewrite (= 1.4.1)
  rake (= 10.1.0)
  sass (= 3.2.7)
